GIT
  remote: git://github.com/xrs1133/ruby-sdl-ffi.git
  revision: 0b721ac4659b4c08cda5aa2f418561a8a311e85b
  specs:
    ruby-sdl-ffi (0.4)
      nice-ffi (>= 0.2)

GEM
  remote: https://rubygems.org/
  specs:
    ffi (1.9.3)
    nice-ffi (0.4)
      ffi (>= 0.5.0)
    rake (10.3.2)
    rubygame (2.6.4)
      rake (>= 0.7.0)
      ruby-sdl-ffi (>= 0.1.0)

PLATFORMS
  ruby

DEPENDENCIES
  ruby-sdl-ffi!
  rubygame
